GIT
  remote: https://github.com/tauplatform/async-rack.git
  revision: 4f411e7b416894a52426eb3b26c2415e5ead927e
  specs:
    async-rack (0.5.2)
      rack (~> 2.0)

PATH
  remote: .
  specs:
    rhoconnect (7.1.0)
      bundler (~> 1.17.3)
      connection_pool (~> 2.2.2)
      google-api-client (~> 0.31.0)
      google-api-fcm (~> 0.1.7)
      json (>= 1.8, < 2.0)
      rack (~> 2.0.6)
      rake (~> 12.3.2)
      redis (~> 4.1.0)
      redis-namespace (~> 1.6.0)
      resque (>= 2.0.0)
      rest-client (~> 2.0.2)
      rubyzip (>= 1.2.2, < 2.1.0)
      signet (~> 0.11.0)
      sinatra (~> 2.0.5)
      thor (~> 0.20.3)

GEM
  remote: https://rubygems.org/
  specs:
    addressable (2.7.0)
      public_suffix (>= 2.0.2, < 5.0)
    arr-pm (0.0.10)
      cabin (> 0)
    aws-s3 (0.6.3)
      builder
      mime-types
      xml-simple
    backports (3.16.1)
    builder (3.2.4)
    cabin (0.9.0)
    childprocess (0.9.0)
      ffi (~> 1.0, >= 1.0.11)
    clamp (1.0.1)
    connection_pool (2.2.2)
    crack (0.4.3)
      safe_yaml (~> 1.0.0)
    daemons (1.3.1)
    declarative (0.0.10)
    declarative-option (0.1.0)
    diff-lcs (1.3)
    docile (1.3.2)
    domain_name (0.5.20190701)
      unf (>= 0.0.5, < 1.0.0)
    dotenv (2.7.5)
    eventmachine (1.0.9.1)
    excon (0.72.0)
    faraday (0.17.3)
      multipart-post (>= 1.2, < 3)
    ffaker (2.10.0)
    ffi (1.12.2)
    fog-aws (3.4.0)
      fog-core (~> 2.1)
      fog-json (~> 1.1)
      fog-xml (~> 0.1)
      ipaddress (~> 0.8)
    fog-core (2.2.0)
      builder
      excon (~> 0.71)
      formatador (~> 0.2)
      mime-types
    fog-json (1.2.0)
      fog-core
      multi_json (~> 1.10)
    fog-xml (0.1.3)
      fog-core
      nokogiri (>= 1.5.11, < 2.0.0)
    formatador (0.2.5)
    fpm (1.11.0)
      arr-pm (~> 0.0.10)
      backports (>= 2.6.2)
      cabin (>= 0.6.0)
      childprocess (= 0.9.0)
      clamp (~> 1.0.0)
      ffi
      json (>= 1.7.7, < 2.0)
      pleaserun (~> 0.0.29)
      ruby-xz (~> 0.2.3)
      stud
    google-api-client (0.31.0)
      addressable (~> 2.5, >= 2.5.1)
      googleauth (>= 0.5, < 0.10.0)
      httpclient (>= 2.8.1, < 3.0)
      mini_mime (~> 1.0)
      representable (~> 3.0)
      retriable (>= 2.0, < 4.0)
      signet (~> 0.10)
    google-api-fcm (0.1.7)
      google-api-client (~> 0.17)
    googleauth (0.9.0)
      faraday (~> 0.12)
      jwt (>= 1.4, < 3.0)
      memoist (~> 0.16)
      multi_json (~> 1.11)
      os (>= 0.9, < 2.0)
      signet (~> 0.7)
    hashdiff (1.0.0)
    http-cookie (1.0.3)
      domain_name (~> 0.5)
    httpclient (2.8.3)
    insist (1.0.0)
    io-like (0.3.1)
    ipaddress (0.8.3)
    json (1.8.6)
    jwt (2.2.1)
    memoist (0.16.2)
    mime-types (3.3.1)
      mime-types-data (~> 3.2015)
    mime-types-data (3.2019.1009)
    mini_mime (1.0.2)
    mini_portile2 (2.4.0)
    mono_logger (1.1.0)
    multi_json (1.14.1)
    multipart-post (2.1.1)
    mustache (0.99.8)
    mustermann (1.1.1)
      ruby2_keywords (~> 0.0.1)
    net-ssh (5.2.0)
    netrc (0.11.0)
    nokogiri (1.10.8)
      mini_portile2 (~> 2.4.0)
    os (1.0.1)
    pleaserun (0.0.30)
      cabin (> 0)
      clamp
      dotenv
      insist
      mustache (= 0.99.8)
      stud
    public_suffix (4.0.3)
    rack (2.0.9)
    rack-fiber_pool (0.9.3)
    rack-protection (2.0.8.1)
      rack
    rack-test (1.1.0)
      rack (>= 1.0, < 3)
    rake (12.3.3)
    redis (4.1.3)
    redis-namespace (1.6.0)
      redis (>= 3.0.4)
    representable (3.0.4)
      declarative (< 0.1.0)
      declarative-option (< 0.2.0)
      uber (< 0.2.0)
    resque (2.0.0)
      mono_logger (~> 1.0)
      multi_json (~> 1.0)
      redis-namespace (~> 1.6)
      sinatra (>= 0.9.2)
      vegas (~> 0.1.2)
    rest-client (2.0.2)
      http-cookie (>= 1.0.2, < 2.0)
      mime-types (>= 1.16, < 4.0)
      netrc (~> 0.8)
    retriable (3.1.2)
    rspec (3.8.0)
      rspec-core (~> 3.8.0)
      rspec-expectations (~> 3.8.0)
      rspec-mocks (~> 3.8.0)
    rspec-core (3.8.2)
      rspec-support (~> 3.8.0)
    rspec-expectations (3.8.6)
      diff-lcs (>= 1.2.0, < 2.0)
      rspec-support (~> 3.8.0)
    rspec-mocks (3.8.2)
      diff-lcs (>= 1.2.0, < 2.0)
      rspec-support (~> 3.8.0)
    rspec-support (3.8.3)
    ruby-xz (0.2.3)
      ffi (~> 1.9)
      io-like (~> 0.3)
    ruby2_keywords (0.0.2)
    rubyzip (2.0.0)
    safe_yaml (1.0.5)
    signet (0.11.0)
      addressable (~> 2.3)
      faraday (~> 0.9)
      jwt (>= 1.5, < 3.0)
      multi_json (~> 1.10)
    simplecov (0.18.2)
      docile (~> 1.1)
      simplecov-html (~> 0.11)
    simplecov-html (0.12.0)
    simplecov-rcov (0.2.3)
      simplecov (>= 0.4.1)
    sinatra (2.0.8.1)
      mustermann (~> 1.0)
      rack (~> 2.0)
      rack-protection (= 2.0.8.1)
      tilt (~> 2.0)
    sqlite3 (1.4.2)
    stud (0.0.23)
    thin (1.7.2)
      daemons (~> 1.0, >= 1.0.9)
      eventmachine (~> 1.0, >= 1.0.4)
      rack (>= 1, < 3)
    thor (0.20.3)
    tilt (2.0.10)
    uber (0.1.0)
    unf (0.1.4)
      unf_ext
    unf_ext (0.0.7.6)
    vegas (0.1.11)
      rack (>= 1.0.0)
    webmock (3.5.1)
      addressable (>= 2.3.6)
      crack (>= 0.3.2)
      hashdiff
    xml-simple (1.1.5)

PLATFORMS
  ruby

DEPENDENCIES
  async-rack!
  aws-s3 (>= 0.6.3)
  dbd-jdbc (>= 0.1.4)
  dbi (>= 0.4.5)
  eventmachine (~> 1.0.5)
  excon (>= 0.71.0)
  ffaker (~> 2.10.0)
  fog-aws (~> 3.4.0)
  fpm (>= 1.11.00)
  google-api-client (~> 0.31.0)
  google-api-fcm (~> 0.1.7)
  jdbc-sqlite3 (>= 3.7.2)
  jruby-openssl (>= 0.7.4)
  net-ssh (~> 5.2.0)
  puma (~> 1.6.3)
  rack-fiber_pool
  rack-test (~> 1.1.0)
  rhoconnect!
  rspec (~> 3.8.0)
  signet (~> 0.7)
  simplecov (>= 0.16.1)
  simplecov-rcov (~> 0.2.3)
  sqlite3 (>= 1.4.0)
  thin
  warbler
  webmock (~> 3.5.1)
  win32-process

BUNDLED WITH
   1.17.3
